GEM
  remote: https://rubygems.org/
  specs:
    airrecord (1.0.0)
      faraday (~> 0.10)
      net-http-persistent (~> 2.9)
    byebug (10.0.2)
    faraday (0.15.3)
      multipart-post (>= 1.2, < 3)
    minitest (5.11.3)
    multipart-post (2.0.0)
    net-http-persistent (2.9.4)
    rake (12.3.1)

PLATFORMS
  ruby

DEPENDENCIES
  airrecord (~> 1.0.0)
  byebug
  minitest
  rake

BUNDLED WITH
   1.17.1
