PATH
  remote: ../airrecord
  specs:
    airrecord (1.0.1)
      faraday (~> 0.10)
      net-http-persistent (~> 2.9)

GEM
  remote: https://rubygems.org/
  specs:
    byebug (10.0.2)
    dotenv (2.5.0)
    faraday (0.15.4)
      multipart-post (>= 1.2, < 3)
    minitest (5.11.3)
    multipart-post (2.0.0)
    net-http-persistent (2.9.4)
    rake (12.3.1)

PLATFORMS
  ruby

DEPENDENCIES
  airrecord!
  byebug
  dotenv
  minitest
  rake

BUNDLED WITH
   1.17.1
